GEM
  remote: https://rubygems.org/
  specs:
    addressable (2.5.2)
      public_suffix (>= 2.0.2, < 4.0)
    domain_name (0.5.20180417)
      unf (>= 0.0.5, < 1.0.0)
    dotenv (2.4.0)
    dxruby (1.4.5)
    highline (1.7.10)
    http (2.2.2)
      addressable (~> 2.3)
      http-cookie (~> 1.0)
      http-form_data (~> 1.0.1)
      http_parser.rb (~> 0.6.0)
    http-cookie (1.0.3)
      domain_name (~> 0.5)
    http-form_data (1.0.3)
    http_parser.rb (0.6.0)
    mastodon-api (1.1.0)
      addressable (~> 2.4)
      http (~> 2.0)
    mini_portile2 (2.3.0)
    nokogiri (1.8.2-x86-mingw32)
      mini_portile2 (~> 2.3.0)
    public_suffix (3.0.2)
    rmagick (2.16.0)
    unf (0.1.4)
      unf_ext
    unf_ext (0.0.7.5-x86-mingw32)

PLATFORMS
  x86-mingw32

DEPENDENCIES
  dotenv
  dxruby
  highline
  mastodon-api
  nokogiri
  rmagick

BUNDLED WITH
   1.16.1
